GEM
  remote: https://rubygems.org/
  specs:
    jekyll-sitemap (0.9.0)

PLATFORMS
  x64-mingw32

DEPENDENCIES
  jekyll-sitemap

BUNDLED WITH
   1.11.2
